GEM
  remote: http://rubygems.org/
  specs:
    columnize (0.3.6)
    httparty (0.8.1)
      multi_json
      multi_xml
    linecache (0.46)
      rbx-require-relative (> 0.0.4)
    multi_json (1.0.4)
    multi_xml (0.4.1)
    nokogiri (1.5.0)
    rack (1.3.5)
    rack-protection (1.1.4)
      rack
    rbx-require-relative (0.0.9)
    ruby-debug (0.10.4)
      columnize (>= 0.1)
      ruby-debug-base (~> 0.10.4.0)
    ruby-debug-base (0.10.4)
      linecache (>= 0.3)
    rufus-scheduler (2.0.15)
      tzinfo (>= 0.3.23)
    sinatra (1.3.1)
      rack (~> 1.3, >= 1.3.4)
      rack-protection (~> 1.1, >= 1.1.2)
      tilt (~> 1.3, >= 1.3.3)
    tilt (1.3.3)
    tzinfo (0.3.31)

PLATFORMS
  ruby

DEPENDENCIES
  httparty
  nokogiri
  ruby-debug
  rufus-scheduler
  sinatra
